GIT
  remote: git://github.com/pakyow/assets.git
  revision: 2fad21c9367556bdb7addc1dc3aaf905a1d9b2f3
  specs:
    pakyow-assets (0.1.2)
      pakyow-core (~> 0)
      pakyow-presenter (~> 0)
      pakyow-support (~> 0)
      sass (~> 3.4)
      yui-compressor (~> 0.12)

GEM
  remote: http://rubygems.org/
  specs:
    addressable (2.4.0)
    ansi (1.5.0)
    ast (2.2.0)
    builder (3.2.2)
    concurrent-ruby (1.0.1)
    css_parser (1.4.1)
      addressable
    dotenv (2.1.0)
    htmlentities (4.3.4)
    httparty (0.13.7)
      json (~> 1.8)
      multi_xml (>= 0.5.2)
    json (1.8.3)
    mail (2.6.4)
      mime-types (>= 1.16, < 4)
    mime-types (3.0)
      mime-types-data (~> 3.2015)
    mime-types-data (3.2016.0221)
    multi_xml (0.5.5)
    oga (2.2)
      ast
      ruby-ll (~> 2.1)
    pakyow (0.11.0)
      bundler (~> 1.10)
      pakyow-core (= 0.11.0)
      pakyow-mailer (= 0.11.0)
      pakyow-presenter (= 0.11.0)
      pakyow-rake (= 0.11.0)
      pakyow-realtime (= 0.11.0)
      pakyow-support (= 0.11.0)
      pakyow-test (= 0.11.0)
      pakyow-ui (= 0.11.0)
      thor (~> 0.19)
    pakyow-core (0.11.0)
      pakyow-support (= 0.11.0)
      rack (~> 1.6)
    pakyow-mailer (0.11.0)
      mail (~> 2.6)
      pakyow-core (= 0.11.0)
      pakyow-presenter (= 0.11.0)
      pakyow-support (= 0.11.0)
      premailer (~> 1.8)
    pakyow-markdown (1.0.0)
      pakyow-core (~> 0)
      pakyow-presenter (~> 0)
      pakyow-support (~> 0)
      redcarpet (~> 3.3)
      rouge (~> 1.10)
    pakyow-presenter (0.11.0)
      oga (~> 2.0)
      pakyow-core (= 0.11.0)
      pakyow-support (= 0.11.0)
    pakyow-rake (0.11.0)
      pakyow-core (= 0.11.0)
      pakyow-presenter (= 0.11.0)
      pakyow-support (= 0.11.0)
      rake (~> 11.1)
    pakyow-realtime (0.11.0)
      concurrent-ruby (~> 1.0)
      pakyow-core (= 0.11.0)
      pakyow-support (= 0.11.0)
      redis (~> 3.2)
      websocket (~> 1.2)
    pakyow-slim (1.0.0)
      pakyow-core (~> 0)
      pakyow-presenter (~> 0)
      pakyow-support (~> 0)
      slim (~> 3.0)
    pakyow-support (0.11.0)
    pakyow-test (0.11.0)
      pakyow-core (= 0.11.0)
      pakyow-mailer (= 0.11.0)
      pakyow-presenter (= 0.11.0)
      pakyow-support (= 0.11.0)
    pakyow-ui (0.11.0)
      pakyow-core (= 0.11.0)
      pakyow-presenter (= 0.11.0)
      pakyow-realtime (= 0.11.0)
      pakyow-support (= 0.11.0)
    premailer (1.8.6)
      css_parser (>= 1.3.6)
      htmlentities (>= 4.0.0)
    puma (3.2.0)
    rack (1.6.4)
    rack-ssl-enforcer (0.2.9)
    rake (11.1.2)
    redcarpet (3.3.4)
    redis (3.3.0)
    rouge (1.10.1)
    ruby-ll (2.1.2)
      ansi
      ast
    sass (3.4.21)
    slim (3.0.6)
      temple (~> 0.7.3)
      tilt (>= 1.3.3, < 2.1)
    temple (0.7.6)
    thor (0.19.1)
    tilt (2.0.2)
    websocket (1.2.3)
    yui-compressor (0.12.0)

PLATFORMS
  ruby

DEPENDENCIES
  builder (~> 3.2)
  dotenv
  httparty
  pakyow (~> 0.11)
  pakyow-assets!
  pakyow-markdown
  pakyow-slim
  puma
  rack-ssl-enforcer
  thin

BUNDLED WITH
   1.11.2
