GIT
  remote: git://github.com/pakyow/pakyow.git
  revision: 99694fff849c0b84b735895cf588397f2b8071a2
  specs:
    pakyow (0.9.1)
      bundler (>= 1.3.0, < 2.0)
      pakyow-core (= 0.9.1)
      pakyow-mailer (= 0.9.1)
      pakyow-presenter (= 0.9.1)
      pakyow-rake (= 0.9.1)
      pakyow-realtime (= 0.9.1)
      pakyow-support (= 0.9.1)
      pakyow-test (= 0.9.1)
      pakyow-ui (= 0.9.1)
    pakyow-core (0.9.1)
      pakyow-support (= 0.9.1)
      rack (~> 1.6)
    pakyow-mailer (0.9.1)
      mail (~> 2.6)
      pakyow-core (= 0.9.1)
      pakyow-presenter (= 0.9.1)
      pakyow-support (= 0.9.1)
      premailer (~> 1.8)
    pakyow-presenter (0.9.1)
      nokogiri (~> 1.6)
      pakyow-core (= 0.9.1)
      pakyow-support (= 0.9.1)
    pakyow-rake (0.9.1)
      pakyow-core (= 0.9.1)
      pakyow-presenter (= 0.9.1)
      pakyow-support (= 0.9.1)
      rake (~> 10.4)
    pakyow-realtime (0.9.1)
      celluloid (~> 0.16)
      celluloid-redis
      redis (~> 3.2)
      websocket_parser (~> 1.0)
    pakyow-support (0.9.1)
    pakyow-test (0.9.1)
    pakyow-ui (0.9.1)
      pakyow-core (= 0.9.1)
      pakyow-presenter (= 0.9.1)
      pakyow-realtime (= 0.9.1)
      pakyow-support (= 0.9.1)

GEM
  remote: http://rubygems.org/
  specs:
    addressable (2.3.8)
    builder (2.1.2)
    capistrano (3.4.0)
      i18n
      rake (>= 10.0.0)
      sshkit (~> 1.3)
    capistrano-bundler (1.1.4)
      capistrano (~> 3.1)
      sshkit (~> 1.2)
    capistrano-rbenv (2.0.3)
      capistrano (~> 3.1)
      sshkit (~> 1.3)
    celluloid (0.17.0.rc1)
      bundler
      celluloid-essentials
      celluloid-extras
      celluloid-fsm
      celluloid-pool
      celluloid-supervision
      dotenv
      nenv
      rspec-logsplit (>= 0.1.2)
      timers (~> 4.0.0)
    celluloid-essentials (0.20.0.pre17)
      bundler
      dotenv
      nenv
      rspec-logsplit (>= 0.1.2)
      timers (~> 4.0.0)
    celluloid-extras (0.1.4)
      bundler
      dotenv
      nenv
      rspec-logsplit (>= 0.1.2)
      timers (~> 4.0.0)
    celluloid-fsm (0.9.0.pre13)
      bundler
      dotenv
      nenv
      rspec-logsplit (>= 0.1.2)
      timers (~> 4.0.0)
    celluloid-io (0.16.5.pre0)
      bundler
      celluloid (>= 0.17.0.pre12)
      dotenv
      nenv
      nio4r (>= 1.1.0)
      rspec-logsplit (>= 0.1.2)
      timers (~> 4.0.0)
    celluloid-pool (0.11.0.pre1)
      bundler
      dotenv
      nenv
      rspec-logsplit (>= 0.1.2)
      timers (~> 4.0.0)
    celluloid-redis (0.0.2)
      celluloid-io (>= 0.13.0.pre)
      redis
    celluloid-supervision (0.20.0.pre6)
      bundler
      dotenv
      nenv
      rspec-logsplit (>= 0.1.2)
      timers (~> 4.0.0)
    colorize (0.7.7)
    css_parser (1.3.6)
      addressable
    daemons (1.2.3)
    dotenv (2.0.2)
    eventmachine (1.0.7)
    hitimes (1.2.2)
    htmlentities (4.3.3)
    httparty (0.13.5)
      json (~> 1.8)
      multi_xml (>= 0.5.2)
    i18n (0.7.0)
    json (1.8.3)
    mail (2.6.3)
      mime-types (>= 1.16, < 3)
    mime-types (2.6.1)
    mini_portile (0.6.2)
    multi_xml (0.5.5)
    nenv (0.2.0)
    net-scp (1.2.1)
      net-ssh (>= 2.6.5)
    net-ssh (2.9.2)
    nio4r (1.1.0)
    nokogiri (1.6.6.2)
      mini_portile (~> 0.6.0)
    posix-spawn (0.3.11)
    premailer (1.8.4)
      css_parser (>= 1.3.6)
      htmlentities (>= 4.0.0)
    pygments.rb (0.6.3)
      posix-spawn (~> 0.3.6)
      yajl-ruby (~> 1.2.0)
    rack (1.6.4)
    rake (10.4.2)
    rdiscount (2.1.8)
    redis (3.2.1)
    rspec-logsplit (0.1.3)
    sass (3.4.15)
    sshkit (1.7.1)
      colorize (>= 0.7.0)
      net-scp (>= 1.1.2)
      net-ssh (>= 2.8.0)
    thin (1.6.3)
      daemons (~> 1.0, >= 1.0.9)
      eventmachine (~> 1.0)
      rack (~> 1.0)
    timers (4.0.1)
      hitimes
    websocket_parser (1.0.0)
    yajl-ruby (1.2.1)

PLATFORMS
  ruby

DEPENDENCIES
  builder (~> 2.0)
  capistrano
  capistrano-bundler
  capistrano-rbenv
  httparty
  pakyow!
  pygments.rb
  rake
  rdiscount
  sass
  thin
