GIT
  remote: git://github.com/pakyow/assets.git
  revision: ba202e31f6738f268c890407a27cf5751628ac3b
  specs:
    pakyow-assets (0.1.2)
      pakyow-core (~> 0)
      pakyow-presenter (~> 0)
      pakyow-support (~> 0)
      sass (~> 3.4)
      yui-compressor (~> 0.12)

GEM
  remote: http://rubygems.org/
  specs:
    addressable (2.4.0)
    airbrussh (1.0.2)
      sshkit (>= 1.6.1, != 1.7.0)
    ansi (1.5.0)
    ast (2.3.0)
    bugsnag (4.1.0)
    builder (3.2.2)
    capistrano (3.5.0)
      airbrussh (>= 1.0.0)
      capistrano-harrow
      i18n
      rake (>= 10.0.0)
      sshkit (>= 1.9.0)
    capistrano-bundler (1.1.4)
      capistrano (~> 3.1)
      sshkit (~> 1.2)
    capistrano-harrow (0.5.1)
    capistrano-rbenv (2.0.4)
      capistrano (~> 3.1)
      sshkit (~> 1.3)
    concurrent-ruby (1.0.2)
    css_parser (1.4.1)
      addressable
    dotenv (2.1.1)
    htmlentities (4.3.4)
    httparty (0.13.7)
      json (~> 1.8)
      multi_xml (>= 0.5.2)
    i18n (0.7.0)
    json (1.8.3)
    mail (2.6.4)
      mime-types (>= 1.16, < 4)
    mime-types (3.1)
      mime-types-data (~> 3.2015)
    mime-types-data (3.2016.0521)
    multi_xml (0.5.5)
    net-scp (1.2.1)
      net-ssh (>= 2.6.5)
    net-ssh (3.1.1)
    oga (2.2)
      ast
      ruby-ll (~> 2.1)
    pakyow (0.11.1)
      bundler (~> 1.10)
      pakyow-core (= 0.11.1)
      pakyow-mailer (= 0.11.1)
      pakyow-presenter (= 0.11.1)
      pakyow-rake (= 0.11.1)
      pakyow-realtime (= 0.11.1)
      pakyow-support (= 0.11.1)
      pakyow-test (= 0.11.1)
      pakyow-ui (= 0.11.1)
      thor (~> 0.19)
    pakyow-core (0.11.1)
      pakyow-support (= 0.11.1)
      rack (~> 1.6)
    pakyow-mailer (0.11.1)
      mail (~> 2.6)
      pakyow-core (= 0.11.1)
      pakyow-presenter (= 0.11.1)
      pakyow-support (= 0.11.1)
      premailer (~> 1.8)
    pakyow-markdown (1.0.0)
      pakyow-core (~> 0)
      pakyow-presenter (~> 0)
      pakyow-support (~> 0)
      redcarpet (~> 3.3)
      rouge (~> 1.10)
    pakyow-presenter (0.11.1)
      oga (~> 2.0)
      pakyow-core (= 0.11.1)
      pakyow-support (= 0.11.1)
    pakyow-rake (0.11.1)
      pakyow-core (= 0.11.1)
      pakyow-presenter (= 0.11.1)
      pakyow-support (= 0.11.1)
      rake (~> 11.1)
    pakyow-realtime (0.11.1)
      concurrent-ruby (~> 1.0)
      pakyow-core (= 0.11.1)
      pakyow-support (= 0.11.1)
      redis (~> 3.2)
      websocket (~> 1.2)
    pakyow-slim (1.0.0)
      pakyow-core (~> 0)
      pakyow-presenter (~> 0)
      pakyow-support (~> 0)
      slim (~> 3.0)
    pakyow-support (0.11.1)
    pakyow-test (0.11.1)
      pakyow-core (= 0.11.1)
      pakyow-mailer (= 0.11.1)
      pakyow-presenter (= 0.11.1)
      pakyow-support (= 0.11.1)
    pakyow-ui (0.11.1)
      pakyow-core (= 0.11.1)
      pakyow-presenter (= 0.11.1)
      pakyow-realtime (= 0.11.1)
      pakyow-support (= 0.11.1)
    premailer (1.8.6)
      css_parser (>= 1.3.6)
      htmlentities (>= 4.0.0)
    puma (3.4.0)
    rack (1.6.4)
    rack-ssl-enforcer (0.2.9)
    rake (11.2.2)
    redcarpet (3.3.4)
    redis (3.3.0)
    rouge (1.11.0)
    ruby-ll (2.1.2)
      ansi
      ast
    sass (3.4.22)
    slim (3.0.7)
      temple (~> 0.7.6)
      tilt (>= 1.3.3, < 2.1)
    sshkit (1.10.0)
      net-scp (>= 1.1.2)
      net-ssh (>= 2.8.0)
    temple (0.7.7)
    thor (0.19.1)
    tilt (2.0.5)
    websocket (1.2.3)
    yui-compressor (0.12.0)

PLATFORMS
  ruby

DEPENDENCIES
  bugsnag
  builder (~> 3.2)
  capistrano
  capistrano-bundler
  capistrano-rbenv
  dotenv
  httparty
  pakyow (~> 0.11)
  pakyow-assets!
  pakyow-markdown
  pakyow-slim
  puma
  rack-ssl-enforcer

BUNDLED WITH
   1.11.2
