GEM
  remote: http://rubygems.org/
  specs:
    addressable (2.3.8)
    builder (3.2.2)
    capistrano (3.4.0)
      i18n
      rake (>= 10.0.0)
      sshkit (~> 1.3)
    capistrano-bundler (1.1.4)
      capistrano (~> 3.1)
      sshkit (~> 1.2)
    capistrano-rbenv (2.0.3)
      capistrano (~> 3.1)
      sshkit (~> 1.3)
    colorize (0.7.7)
    concurrent-ruby (0.9.1)
    css_parser (1.3.7)
      addressable
    htmlentities (4.3.4)
    httparty (0.13.7)
      json (~> 1.8)
      multi_xml (>= 0.5.2)
    i18n (0.7.0)
    json (1.8.3)
    mail (2.6.3)
      mime-types (>= 1.16, < 3)
    mime-types (2.6.2)
    mini_portile (0.6.2)
    multi_xml (0.5.5)
    net-scp (1.2.1)
      net-ssh (>= 2.6.5)
    net-ssh (3.0.1)
    nokogiri (1.6.6.2)
      mini_portile (~> 0.6.0)
    pakyow (0.10.1)
      bundler (~> 1.10)
      pakyow-core (= 0.10.1)
      pakyow-mailer (= 0.10.1)
      pakyow-presenter (= 0.10.1)
      pakyow-rake (= 0.10.1)
      pakyow-realtime (= 0.10.1)
      pakyow-support (= 0.10.1)
      pakyow-test (= 0.10.1)
      pakyow-ui (= 0.10.1)
    pakyow-core (0.10.1)
      pakyow-support (= 0.10.1)
      rack (~> 1.6)
    pakyow-mailer (0.10.1)
      mail (~> 2.6)
      pakyow-core (= 0.10.1)
      pakyow-presenter (= 0.10.1)
      pakyow-support (= 0.10.1)
      premailer (~> 1.8)
    pakyow-markdown (1.0.0)
      pakyow-core (~> 0)
      pakyow-presenter (~> 0)
      pakyow-support (~> 0)
      redcarpet (~> 3.3)
      rouge (~> 1.10)
    pakyow-presenter (0.10.1)
      nokogiri (~> 1.6)
      pakyow-core (= 0.10.1)
      pakyow-support (= 0.10.1)
    pakyow-rake (0.10.1)
      pakyow-core (= 0.10.1)
      pakyow-presenter (= 0.10.1)
      pakyow-support (= 0.10.1)
      rake (~> 10.4)
    pakyow-realtime (0.10.1)
      concurrent-ruby (~> 0)
      pakyow-core (= 0.10.1)
      pakyow-support (= 0.10.1)
      redis (~> 3.2)
      websocket_parser (~> 1.0)
    pakyow-slim (0.2.1)
      pakyow-core (~> 0.9)
      pakyow-presenter (~> 0.9)
      slim (~> 3.0)
    pakyow-support (0.10.1)
    pakyow-test (0.10.1)
      pakyow-core (= 0.10.1)
      pakyow-mailer (= 0.10.1)
      pakyow-presenter (= 0.10.1)
      pakyow-support (= 0.10.1)
    pakyow-ui (0.10.1)
      pakyow-core (= 0.10.1)
      pakyow-presenter (= 0.10.1)
      pakyow-realtime (= 0.10.1)
      pakyow-support (= 0.10.1)
    premailer (1.8.6)
      css_parser (>= 1.3.6)
      htmlentities (>= 4.0.0)
    puma (2.14.0)
    rack (1.6.4)
    rake (10.4.2)
    redcarpet (3.3.3)
    redis (3.2.1)
    rouge (1.10.1)
    sass (3.4.19)
    slim (3.0.6)
      temple (~> 0.7.3)
      tilt (>= 1.3.3, < 2.1)
    sshkit (1.7.1)
      colorize (>= 0.7.0)
      net-scp (>= 1.1.2)
      net-ssh (>= 2.8.0)
    temple (0.7.6)
    tilt (2.0.1)
    websocket_parser (1.0.0)

PLATFORMS
  ruby

DEPENDENCIES
  builder (~> 3.2)
  capistrano (~> 3.4)
  capistrano-bundler
  capistrano-rbenv
  httparty
  pakyow (~> 0.10)
  pakyow-markdown
  pakyow-slim
  puma
  sass
  thin

BUNDLED WITH
   1.10.6
