GIT
  remote: https://github.com/metabahn/pakyow.git
  revision: 1eb5855d553813f1f75d3a56bb34fb096565c967
  specs:
    pakyow (0.9.0)
      bundler (~> 1.5)
      pakyow-core (= 0.9.0)
      pakyow-mailer (= 0.9.0)
      pakyow-presenter (= 0.9.0)
      pakyow-rake (= 0.9.0)
      pakyow-support (= 0.9.0)
    pakyow-core (0.9.0)
      pakyow-support (= 0.9.0)
      rack (~> 1.5)
    pakyow-mailer (0.9.0)
      mail (~> 2.6)
      pakyow-core (= 0.9.0)
      pakyow-presenter (= 0.9.0)
      premailer (~> 1.8)
    pakyow-presenter (0.9.0)
      nokogiri (~> 1.6)
      pakyow-core (= 0.9.0)
      pakyow-support (= 0.9.0)
    pakyow-rake (0.9.0)
      pakyow-core (= 0.9.0)
      pakyow-presenter (= 0.9.0)
    pakyow-support (0.9.0)

GEM
  remote: http://rubygems.org/
  specs:
    addressable (2.3.6)
    builder (2.1.2)
    capistrano (2.15.5)
      highline
      net-scp (>= 1.0.0)
      net-sftp (>= 2.0.0)
      net-ssh (>= 2.0.14)
      net-ssh-gateway (>= 1.1.0)
    css_parser (1.3.5)
      addressable
    daemons (1.1.4)
    eventmachine (0.12.10)
    highline (1.6.21)
    htmlentities (4.3.2)
    mail (2.6.3)
      mime-types (>= 1.16, < 3)
    mime-types (2.4.3)
    mini_portile (0.6.1)
    net-scp (1.1.2)
      net-ssh (>= 2.6.5)
    net-sftp (2.1.2)
      net-ssh (>= 2.6.5)
    net-ssh (2.8.0)
    net-ssh-gateway (1.2.0)
      net-ssh (>= 2.6.5)
    nokogiri (1.6.4)
      mini_portile (~> 0.6.0)
    posix-spawn (0.3.6)
    premailer (1.8.2)
      css_parser (>= 1.3.5)
      htmlentities (>= 4.0.0)
    pygments.rb (0.4.2)
      posix-spawn (~> 0.3.6)
      yajl-ruby (~> 1.1.0)
    rack (1.5.2)
    rake (10.0.3)
    rdiscount (2.0.7.1)
    sass (3.2.1)
    thin (1.2.11)
      daemons (>= 1.0.9)
      eventmachine (>= 0.12.6)
      rack (>= 1.0.0)
    yajl-ruby (1.1.0)

PLATFORMS
  ruby

DEPENDENCIES
  builder (~> 2.0)
  capistrano (= 2.15.5)
  pakyow!
  pygments.rb
  rake
  rdiscount
  sass
  thin
